GEM
  remote: https://rubygems.org/
  specs:
    byebug (9.0.6)
    colored (1.2)
    coyote (1.2.0)
      colored (>= 1.2)
      rb-fsevent (>= 0.4.0)
    mini_portile2 (2.2.0)
    nokogiri (1.8.0)
      mini_portile2 (~> 2.2.0)
    rb-fsevent (0.10.2)

PLATFORMS
  ruby

DEPENDENCIES
  byebug
  coyote
  nokogiri

BUNDLED WITH
   1.15.4
