PATH
  remote: .
  specs:
    DaVinci_Text (0.1.0)
      coyote
      nokogiri

GEM
  remote: https://rubygems.org/
  specs:
    byebug (9.0.6)
    colored (1.2)
    coyote (1.2.0)
      colored (>= 1.2)
      rb-fsevent (>= 0.4.0)
    diff-lcs (1.3)
    mini_portile2 (2.2.0)
    nokogiri (1.8.0)
      mini_portile2 (~> 2.2.0)
    rake (10.4.2)
    rb-fsevent (0.10.2)
    rspec (3.6.0)
      rspec-core (~> 3.6.0)
      rspec-expectations (~> 3.6.0)
      rspec-mocks (~> 3.6.0)
    rspec-core (3.6.0)
      rspec-support (~> 3.6.0)
    rspec-expectations (3.6.0)
      diff-lcs (>= 1.2.0, < 2.0)
      rspec-support (~> 3.6.0)
    rspec-mocks (3.6.0)
      diff-lcs (>= 1.2.0, < 2.0)
      rspec-support (~> 3.6.0)
    rspec-support (3.6.0)

PLATFORMS
  ruby

DEPENDENCIES
  DaVinci_Text!
  bundler (~> 1.15)
  byebug
  rake (~> 10.0)
  rspec (~> 3.2)

BUNDLED WITH
   1.15.4
